GEM
  remote: https://rubygems.org/
  specs:
    coderay (1.1.3)
    method_source (1.0.0)
    pg (1.2.3)
    pry (0.14.0)
      coderay (~> 1.1)
      method_source (~> 1.0)
    sequel (5.42.0)
    sqlite3 (1.4.2)

PLATFORMS
  arm64-darwin-20

DEPENDENCIES
  pg
  pry
  sequel
  sqlite3

BUNDLED WITH
   2.2.3
